GEM
  remote: https://rubygems.org/
  specs:
    activesupport (5.2.3)
      concurrent-ruby (~> 1.0, >= 1.0.2)
      i18n (>= 0.7, < 2)
      minitest (~> 5.1)
      tzinfo (~> 1.1)
    addressable (2.6.0)
      public_suffix (>= 2.0.2, < 4.0)
    colorator (1.1.0)
    concurrent-ruby (1.1.5)
    em-websocket (0.5.1)
      eventmachine (>= 0.12.9)
      http_parser.rb (~> 0.6.0)
    ethon (0.12.0)
      ffi (>= 1.3.0)
    eventmachine (1.2.7)
    ffi (1.11.1)
    forwardable-extended (2.6.0)
    html-proofer (3.11.1)
      activesupport (>= 4.2, < 6.0)
      addressable (~> 2.3)
      mercenary (~> 0.3.2)
      nokogiri (~> 1.9)
      parallel (~> 1.3)
      rainbow (~> 3.0)
      typhoeus (~> 1.3)
      yell (~> 2.0)
    http_parser.rb (0.6.0)
    i18n (1.6.0)
      concurrent-ruby (~> 1.0)
    jekyll (4.0.0)
      addressable (~> 2.4)
      colorator (~> 1.0)
      em-websocket (~> 0.5)
      i18n (>= 0.9.5, < 2)
      jekyll-sass-converter (~> 2.0)
      jekyll-watch (~> 2.0)
      kramdown (~> 2.1)
      kramdown-parser-gfm (~> 1.0)
      liquid (~> 4.0)
      mercenary (~> 0.3.3)
      pathutil (~> 0.9)
      rouge (~> 3.0)
      safe_yaml (~> 1.0)
      terminal-table (~> 1.8)
    jekyll-multiple-languages-plugin (1.3.0)
    jekyll-sass-converter (2.0.0)
      sassc (> 2.0.1, < 3.0)
    jekyll-sitemap (1.3.1)
      jekyll (>= 3.7, < 5.0)
    jekyll-watch (2.2.1)
      listen (~> 3.0)
    kramdown (2.1.0)
    kramdown-parser-gfm (1.1.0)
      kramdown (~> 2.0)
    liquid (4.0.3)
    listen (3.1.5)
      rb-fsevent (~> 0.9, >= 0.9.4)
      rb-inotify (~> 0.9, >= 0.9.7)
      ruby_dep (~> 1.2)
    mercenary (0.3.6)
    mini_portile2 (2.4.0)
    minitest (5.11.3)
    nokogiri (1.10.4)
      mini_portile2 (~> 2.4.0)
    parallel (1.17.0)
    pathutil (0.16.2)
      forwardable-extended (~> 2.6)
    public_suffix (3.1.1)
    rack (2.0.7)
    rack-jekyll (0.3.5)
      jekyll
      rack
    rainbow (3.0.0)
    rake (12.3.3)
    rb-fsevent (0.10.3)
    rb-inotify (0.10.0)
      ffi (~> 1.0)
    rouge (3.9.0)
    ruby_dep (1.5.0)
    safe_yaml (1.0.5)
    sass (3.7.4)
      sass-listen (~> 4.0.0)
    sass-listen (4.0.0)
      rb-fsevent (~> 0.9, >= 0.9.4)
      rb-inotify (~> 0.9, >= 0.9.7)
    sassc (2.1.0)
      ffi (~> 1.9)
    scss_lint (0.58.0)
      rake (>= 0.9, < 13)
      sass (~> 3.5, >= 3.5.5)
    terminal-table (1.8.0)
      unicode-display_width (~> 1.1, >= 1.1.1)
    thread_safe (0.3.6)
    typhoeus (1.3.1)
      ethon (>= 0.9.0)
    tzinfo (1.2.5)
      thread_safe (~> 0.1)
    unicode-display_width (1.6.0)
    yell (2.2.0)

PLATFORMS
  ruby

DEPENDENCIES
  html-proofer (>= 3.11.0)
  jekyll (>= 3.7.4)
  jekyll-multiple-languages-plugin
  jekyll-sitemap
  nokogiri (>= 1.10.4)
  rack (>= 1.6.11)
  rack-jekyll
  rake
  scss_lint

RUBY VERSION
   ruby 2.5.5p157

BUNDLED WITH
   2.0.2
